GEM
  remote: http://rubygems.org/
  specs:
    bones (3.8.0)
      little-plugger (~> 1.1.3)
      loquacious (~> 1.9.1)
      rake (>= 0.8.7)
    little-plugger (1.1.3)
    loquacious (1.9.1)
    rake (0.9.2.2)

PLATFORMS
  ruby

DEPENDENCIES
  bones
